GIT
  remote: git://github.com/dwilkie/currencies.git
  revision: f6da599e6a6d74b2588806498111970e8dbed090
  specs:
    currencies (0.4.0)

PATH
  remote: .
  specs:
    countries (0.9.1)
      country_select (>= 1.1.3)
      currencies (>= 0.4.0)

GEM
  remote: https://rubygems.org/
  specs:
    country_select (1.1.3)
    diff-lcs (1.1.3)
    rake (0.9.2.2)
    rspec (2.10.0)
      rspec-core (~> 2.10.0)
      rspec-expectations (~> 2.10.0)
      rspec-mocks (~> 2.10.0)
    rspec-core (2.10.0)
    rspec-expectations (2.10.0)
      diff-lcs (~> 1.1.3)
    rspec-mocks (2.10.1)
    yard (0.6.4)

PLATFORMS
  ruby

DEPENDENCIES
  countries!
  country_select
  currencies!
  rake
  rspec
  yard
