PATH
  remote: .
  specs:
    countries (0.9.3)
      currencies (~> 0.4.2)

GEM
  remote: https://rubygems.org/
  specs:
    currencies (0.4.2)
    diff-lcs (1.2.5)
    rake (0.9.2.2)
    rspec (3.1.0)
      rspec-core (~> 3.1.0)
      rspec-expectations (~> 3.1.0)
      rspec-mocks (~> 3.1.0)
    rspec-core (3.1.7)
      rspec-support (~> 3.1.0)
    rspec-expectations (3.1.2)
      diff-lcs (>= 1.2.0, < 2.0)
      rspec-support (~> 3.1.0)
    rspec-mocks (3.1.3)
      rspec-support (~> 3.1.0)
    rspec-support (3.1.2)
    yard (0.6.4)

PLATFORMS
  ruby

DEPENDENCIES
  countries!
  rake
  rspec (~> 3.1.0)
  yard
